STORAGE: NONE
RESTRICTION: == net8.0
NUGET
  remote: https://api.nuget.org/v3/index.json
    Avalonia (11.0.10)
      Avalonia.BuildServices (>= 0.0.29)
      Avalonia.Remote.Protocol (>= 11.0.10)
      MicroCom.Runtime (>= 0.11)
      System.ComponentModel.Annotations (>= 4.5)
    Avalonia.Angle.Windows.Natives (2.1.22087.20231008)
    Avalonia.BuildServices (0.0.31)
    Avalonia.Controls.ColorPicker (11.0.10)
      Avalonia (>= 11.0.10)
      Avalonia.Remote.Protocol (>= 11.0.10)
    Avalonia.Controls.DataGrid (11.0.10)
      Avalonia (>= 11.0.10)
      Avalonia.Remote.Protocol (>= 11.0.10)
    Avalonia.Desktop (11.0.10)
      Avalonia (>= 11.0.10)
      Avalonia.Native (>= 11.0.10)
      Avalonia.Skia (>= 11.0.10)
      Avalonia.Win32 (>= 11.0.10)
      Avalonia.X11 (>= 11.0.10)
    Avalonia.Diagnostics (11.0.10)
      Avalonia (>= 11.0.10)
      Avalonia.Controls.ColorPicker (>= 11.0.10)
      Avalonia.Controls.DataGrid (>= 11.0.10)
      Avalonia.Themes.Simple (>= 11.0.10)
      Microsoft.CodeAnalysis.Common (>= 3.8)
      Microsoft.CodeAnalysis.CSharp.Scripting (>= 3.8)
    Avalonia.FreeDesktop (11.0.10)
      Avalonia (>= 11.0.10)
      Tmds.DBus.Protocol (>= 0.15)
    Avalonia.FuncUI (1.3)
      Avalonia (>= 11.0)
      Avalonia.Controls.DataGrid (>= 11.0)
      FSharp.Core (>= 8.0.200)
    Avalonia.FuncUI.Elmish (1.3)
      Avalonia.FuncUI (>= 1.3)
      Elmish (>= 4.0)
      FSharp.Core (>= 8.0.200)
    Avalonia.Native (11.0.10)
      Avalonia (>= 11.0.10)
    Avalonia.Remote.Protocol (11.0.10)
    Avalonia.Skia (11.0.10)
      Avalonia (>= 11.0.10)
      HarfBuzzSharp (>= 7.3)
      HarfBuzzSharp.NativeAssets.Linux (>= 7.3)
      HarfBuzzSharp.NativeAssets.WebAssembly (>= 7.3)
      SkiaSharp (>= 2.88.7)
      SkiaSharp.NativeAssets.Linux (>= 2.88.7)
      SkiaSharp.NativeAssets.WebAssembly (>= 2.88.7)
    Avalonia.Themes.Fluent (11.0.10)
      Avalonia (>= 11.0.10)
    Avalonia.Themes.Simple (11.0.10)
      Avalonia (>= 11.0.10)
    Avalonia.Win32 (11.0.10)
      Avalonia (>= 11.0.10)
      Avalonia.Angle.Windows.Natives (>= 2.1.0.2023020321)
      System.Numerics.Vectors (>= 4.5)
    Avalonia.X11 (11.0.10)
      Avalonia (>= 11.0.10)
      Avalonia.FreeDesktop (>= 11.0.10)
      Avalonia.Skia (>= 11.0.10)
    Elmish (4.1)
    FSharp.Core (8.0.200)
    FSharp.Json (0.4.1)
      FSharp.Core (>= 4.6.2)
    HarfBuzzSharp (7.3.0.1)
      HarfBuzzSharp.NativeAssets.macOS (>= 7.3.0.1)
      HarfBuzzSharp.NativeAssets.Win32 (>= 7.3.0.1)
    HarfBuzzSharp.NativeAssets.Linux (7.3.0.1)
      HarfBuzzSharp (>= 7.3.0.1)
    HarfBuzzSharp.NativeAssets.macOS (7.3.0.1)
    HarfBuzzSharp.NativeAssets.WebAssembly (7.3.0.1)
    HarfBuzzSharp.NativeAssets.Win32 (7.3.0.1)
    MicroCom.Runtime (0.11)
    Microsoft.CodeAnalysis.Analyzers (3.3.4)
    Microsoft.CodeAnalysis.Common (4.9.2)
      Microsoft.CodeAnalysis.Analyzers (>= 3.3.4)
      System.Collections.Immutable (>= 8.0)
      System.Reflection.Metadata (>= 8.0)
      System.Runtime.CompilerServices.Unsafe (>= 6.0)
    Microsoft.CodeAnalysis.CSharp (4.9.2)
      Microsoft.CodeAnalysis.Common (4.9.2)
    Microsoft.CodeAnalysis.CSharp.Scripting (4.9.2)
      Microsoft.CodeAnalysis.Common (4.9.2)
      Microsoft.CodeAnalysis.CSharp (4.9.2)
      Microsoft.CodeAnalysis.Scripting.Common (4.9.2)
      Microsoft.CSharp (>= 4.7)
    Microsoft.CodeAnalysis.Scripting.Common (4.9.2)
      Microsoft.CodeAnalysis.Common (4.9.2)
    Microsoft.CSharp (4.7)
    SkiaSharp (2.88.7)
      SkiaSharp.NativeAssets.macOS (>= 2.88.7)
      SkiaSharp.NativeAssets.Win32 (>= 2.88.7)
    SkiaSharp.NativeAssets.Linux (2.88.7)
      SkiaSharp (>= 2.88.7)
    SkiaSharp.NativeAssets.macOS (2.88.7)
    SkiaSharp.NativeAssets.WebAssembly (2.88.7)
    SkiaSharp.NativeAssets.Win32 (2.88.7)
    System.Collections.Immutable (8.0)
    System.ComponentModel.Annotations (5.0)
    System.IO.Pipelines (8.0)
    System.Numerics.Vectors (4.5)
    System.Reflection.Metadata (8.0)
      System.Collections.Immutable (>= 8.0)
    System.Runtime.CompilerServices.Unsafe (6.0)
    Tmds.DBus.Protocol (0.16)
      System.IO.Pipelines (>= 6.0)
